GEM
  remote: http://rubygems.org/
  specs:
    ParseTree (3.0.9)
      RubyInline (~> 3.9.0)
      sexp_processor (~> 3.2.0)
    RubyInline (3.9.0)
      ZenTest (~> 4.3)
    ZenTest (4.8.4)
    activemodel (3.0.3)
      activesupport (= 3.0.3)
      builder (~> 2.1.2)
      i18n (~> 0.4)
    activerecord (3.0.3)
      activemodel (= 3.0.3)
      activesupport (= 3.0.3)
      arel (~> 2.0.2)
      tzinfo (~> 0.3.23)
    activesupport (3.0.3)
    addressable (2.2.8)
    ansi (1.4.3)
    arel (2.0.10)
    aws-ses (0.4.3)
      builder
      mail (> 2.2.5)
      mime-types
      xml-simple
    bcat (0.5.2)
      rack (< 1.2)
    bcrypt-ruby (3.0.1)
    broach (0.2.1)
      json (~> 1.4)
      nap (~> 0.3)
    builder (2.1.2)
    bunny (0.6.0)
    chronic_duration (0.9.6)
      numerizer (~> 0.1.1)
    contest (0.1.2)
    crack (0.3.2)
    data_mapper (1.2.0)
      dm-aggregates (~> 1.2.0)
      dm-constraints (~> 1.2.0)
      dm-core (~> 1.2.0)
      dm-migrations (~> 1.2.0)
      dm-serializer (~> 1.2.0)
      dm-timestamps (~> 1.2.0)
      dm-transactions (~> 1.2.0)
      dm-types (~> 1.2.0)
      dm-validations (~> 1.2.0)
    data_objects (0.10.12)
      addressable (~> 2.1)
    delayed_job (3.0.5)
      activesupport (~> 3.0)
    delayed_job_active_record (0.4.3)
      activerecord (>= 2.1.0, < 4)
      delayed_job (~> 3.0)
    dm-aggregates (1.2.0)
      dm-core (~> 1.2.0)
    dm-constraints (1.2.0)
      dm-core (~> 1.2.0)
    dm-core (1.2.0)
      addressable (~> 2.2.6)
    dm-do-adapter (1.2.0)
      data_objects (~> 0.10.6)
      dm-core (~> 1.2.0)
    dm-migrations (1.2.0)
      dm-core (~> 1.2.0)
    dm-serializer (1.2.2)
      dm-core (~> 1.2.0)
      fastercsv (~> 1.5)
      json (~> 1.6)
      json_pure (~> 1.6)
      multi_json (~> 1.0)
    dm-sqlite-adapter (1.2.0)
      dm-do-adapter (~> 1.2.0)
      do_sqlite3 (~> 0.10.6)
    dm-sweatshop (1.2.0)
      ParseTree (~> 3.0.7)
      dm-core (~> 1.2.0)
      randexp (~> 0.1.5)
    dm-timestamps (1.2.0)
      dm-core (~> 1.2.0)
    dm-transactions (1.2.0)
      dm-core (~> 1.2.0)
    dm-types (1.2.2)
      bcrypt-ruby (~> 3.0)
      dm-core (~> 1.2.0)
      fastercsv (~> 1.5)
      json (~> 1.6)
      multi_json (~> 1.0)
      stringex (~> 1.4)
      uuidtools (~> 2.1)
    dm-validations (1.2.0)
      dm-core (~> 1.2.0)
    do_sqlite3 (0.10.12)
      data_objects (= 0.10.12)
    extlib (0.9.15)
    fastercsv (1.5.5)
    haml (3.1.8)
    hpricot (0.8.3)
    i18n (0.5.0)
    json (1.7.7)
    json_pure (1.7.7)
    mail (2.5.3)
      i18n (>= 0.4.0)
      mime-types (~> 1.16)
      treetop (~> 1.4.8)
    mime-types (1.21)
    mocha (0.9.10)
      rake
    multi_json (1.6.1)
    nap (0.4)
    nokogiri (1.4.4)
    numerizer (0.1.1)
    polyglot (0.3.3)
    pony (1.1)
      mail (> 2.0)
    rack (1.1.6)
    rack-test (0.5.7)
      rack (>= 1.0)
    rake (10.0.3)
    randexp (0.1.7)
    redgreen (1.2.2)
    rr (1.0.2)
    sass (3.1.21)
    sexp_processor (3.2.0)
    sinatra (1.1.2)
      rack (~> 1.1)
      tilt (~> 1.2)
    sinatra-authorization (1.0.0)
      sinatra (>= 0.9.1.1)
    sqlite3 (1.3.7)
    stringex (1.5.1)
    tilt (1.3.5)
    timecop (0.6.1)
    treetop (1.4.12)
      polyglot
      polyglot (>= 0.3.1)
    turn (0.8.1)
      ansi (>= 1.2.2)
    tzinfo (0.3.37)
    uuidtools (2.1.3)
    webmock (1.6.2)
      addressable (>= 2.2.2)
      crack (>= 0.1.7)
    webrat (0.7.3)
      nokogiri (>= 1.2.0)
      rack (>= 1.0)
      rack-test (>= 0.5.3)
    xml-simple (1.1.2)

PLATFORMS
  ruby

DEPENDENCIES
  ZenTest (~> 4.8.4)
  activerecord (= 3.0.3)
  aws-ses (= 0.4.3)
  bcat (= 0.5.2)
  broach (= 0.2.1)
  bunny (= 0.6.0)
  chronic_duration (~> 0.9.6)
  contest (= 0.1.2)
  data_mapper (~> 1.2.0)
  delayed_job
  delayed_job_active_record
  dm-sqlite-adapter
  dm-sweatshop
  do_sqlite3
  extlib (= 0.9.15)
  haml (~> 3.1.6)
  hpricot (= 0.8.3)
  i18n (= 0.5.0)
  mocha (= 0.9.10)
  nap (= 0.4)
  nokogiri (= 1.4.4)
  pony (= 1.1)
  rack-test (= 0.5.7)
  randexp (~> 0.1.6)
  redgreen (= 1.2.2)
  rr (= 1.0.2)
  sass (~> 3.1.18)
  sinatra (= 1.1.2)
  sinatra-authorization (= 1.0.0)
  sqlite3
  timecop
  turn (= 0.8.1)
  webmock (= 1.6.2)
  webrat (= 0.7.3)
